GEM
  remote: https://rubygems.org/
  specs:
    builder (3.2.2)
    ims-lti (1.0.2)
      builder
      oauth (~> 0.4.5)
      uuid
    macaddr (1.7.1)
      systemu (~> 2.6.2)
    oauth (0.4.7)
    rack (1.6.0)
    rack-protection (1.5.3)
      rack
    shotgun (0.9)
      rack (>= 1.0)
    sinatra (1.4.5)
      rack (~> 1.4)
      rack-protection (~> 1.4)
      tilt (~> 1.3, >= 1.3.4)
    systemu (2.6.4)
    tilt (1.4.1)
    uuid (2.3.7)
      macaddr (~> 1.0)

PLATFORMS
  ruby

DEPENDENCIES
  ims-lti (~> 1.0.2)
  shotgun
  sinatra
